GIT
  remote: https://github.com/fchampreux/write_xlsx_rails.git
  revision: deddf201da7d9ac209fbe640082e4b6462b0709c
  branch: master
  specs:
    write_xlsx_rails (0.1.0)
      write_xlsx

GEM
  remote: https://rubygems.org/
  specs:
    actioncable (5.2.4)
      actionpack (= 5.2.4)
      nio4r (~> 2.0)
      websocket-driver (>= 0.6.1)
    actionmailer (5.2.4)
      actionpack (= 5.2.4)
      actionview (= 5.2.4)
      activejob (= 5.2.4)
      mail (~> 2.5, >= 2.5.4)
      rails-dom-testing (~> 2.0)
    actionpack (5.2.4)
      actionview (= 5.2.4)
      activesupport (= 5.2.4)
      rack (~> 2.0)
      rack-test (>= 0.6.3)
      rails-dom-testing (~> 2.0)
      rails-html-sanitizer (~> 1.0, >= 1.0.2)
    actionview (5.2.4)
      activesupport (= 5.2.4)
      builder (~> 3.1)
      erubi (~> 1.4)
      rails-dom-testing (~> 2.0)
      rails-html-sanitizer (~> 1.0, >= 1.0.3)
    activejob (5.2.4)
      activesupport (= 5.2.4)
      globalid (>= 0.3.6)
    activemodel (5.2.4)
      activesupport (= 5.2.4)
    activerecord (5.2.4)
      activemodel (= 5.2.4)
      activesupport (= 5.2.4)
      arel (>= 9.0)
    activestorage (5.2.4)
      actionpack (= 5.2.4)
      activerecord (= 5.2.4)
      marcel (~> 0.3.1)
    activesupport (5.2.4)
      concurrent-ruby (~> 1.0, >= 1.0.2)
      i18n (>= 0.7, < 2)
      minitest (~> 5.1)
      tzinfo (~> 1.1)
    addressable (2.8.0)
      public_suffix (>= 2.0.2, < 5.0)
    aes_key_wrap (1.1.0)
    amq-protocol (2.3.2)
    annotate (3.2.0)
      activerecord (>= 3.2, < 8.0)
      rake (>= 10.4, < 14.0)
    arel (9.0.0)
    ast (2.4.2)
    audited (4.10.0)
      activerecord (>= 4.2, < 6.2)
    autoprefixer-rails (10.4.7.0)
      execjs (~> 2)
    awesome_print (1.9.2)
    backport (1.2.0)
    bcrypt (3.1.18)
    benchmark (0.2.0)
    bindata (2.4.10)
    bootstrap-sass (3.4.1)
      autoprefixer-rails (>= 5.2.1)
      sassc (>= 2.0.0)
    builder (3.2.4)
    bunny (2.19.0)
      amq-protocol (~> 2.3, >= 2.3.1)
      sorted_set (~> 1, >= 1.0.2)
    byebug (11.1.3)
    cancancan (3.3.0)
    capybara (3.37.1)
      addressable
      matrix
      mini_mime (>= 0.1.3)
      nokogiri (~> 1.8)
      rack (>= 1.6.0)
      rack-test (>= 0.6.3)
      regexp_parser (>= 1.5, < 3.0)
      xpath (~> 3.2)
    childprocess (3.0.0)
    coffee-rails (5.0.0)
      coffee-script (>= 2.2.0)
      railties (>= 5.2.0)
    coffee-script (2.4.1)
      coffee-script-source
      execjs
    coffee-script-source (1.12.2)
    concurrent-ruby (1.1.10)
    connection_pool (2.2.5)
    crass (1.0.6)
    d3-rails (5.9.2)
      railties (>= 3.1)
    database_cleaner-active_record (2.0.1)
      activerecord (>= 5.a)
      database_cleaner-core (~> 2.0.0)
    database_cleaner-core (2.0.1)
    date (3.2.2)
    deep_cloneable (3.2.0)
      activerecord (>= 3.1.0, < 8)
    devise (4.8.1)
      bcrypt (~> 3.0)
      orm_adapter (~> 0.1)
      railties (>= 4.1.0)
      responders
      warden (~> 1.2.3)
    devise-security (0.17.0)
      devise (>= 4.3.0)
    diff-lcs (1.5.0)
    e2mmap (0.1.0)
    email_address (0.2.3)
      simpleidn
    erubi (1.10.0)
    et-orbi (1.2.7)
      tzinfo
    execjs (2.8.1)
    factory_bot (6.2.1)
      activesupport (>= 5.0.0)
    factory_bot_rails (6.2.0)
      factory_bot (~> 6.2.0)
      railties (>= 5.0.0)
    faker (2.21.0)
      i18n (>= 1.8.11, < 2)
    faraday (2.3.0)
      faraday-net_http (~> 2.0)
      ruby2_keywords (>= 0.0.4)
    faraday-net_http (2.0.3)
    ffi (1.15.5)
    fugit (1.5.3)
      et-orbi (~> 1, >= 1.2.7)
      raabro (~> 1.4)
    globalid (1.0.0)
      activesupport (>= 5.0)
    hashie (5.0.0)
    i18n (1.10.0)
      concurrent-ruby (~> 1.0)
    jaro_winkler (1.5.4)
    jbuilder (2.11.5)
      actionview (>= 5.0.0)
      activesupport (>= 5.0.0)
    jquery-datatables (1.10.20)
    jquery-rails (4.5.0)
      rails-dom-testing (>= 1, < 3)
      railties (>= 4.2.0)
      thor (>= 0.14, < 2.0)
    jquery-turbolinks (2.1.0)
      railties (>= 3.1.0)
      turbolinks
    js_cookie_rails (2.2.0)
      railties (>= 3.1)
    json-jwt (1.13.0)
      activesupport (>= 4.2)
      aes_key_wrap
      bindata
    json-schema (2.8.1)
      addressable (>= 2.4)
    jwt (2.3.0)
    kramdown (2.4.0)
      rexml
    kramdown-parser-gfm (1.1.0)
      kramdown (~> 2.0)
    listen (3.7.1)
      rb-fsevent (~> 0.10, >= 0.10.3)
      rb-inotify (~> 0.9, >= 0.9.10)
    loofah (2.18.0)
      crass (~> 1.0.2)
      nokogiri (>= 1.5.9)
    mail (2.7.1)
      mini_mime (>= 0.1.1)
    marcel (0.3.3)
      mimemagic (~> 0.3.2)
    matrix (0.4.2)
    method_source (1.0.0)
    mimemagic (0.3.10)
      nokogiri (~> 1)
      rake
    mini_mime (1.1.2)
    minitest (5.15.0)
    multi_json (1.15.0)
    multi_logger (0.2.0)
      railties
    multi_xml (0.6.0)
    nested_form_fields (0.8.4)
      coffee-rails (>= 3.2.1)
      jquery-rails
      rails (>= 3.2.0)
    net-scp (3.0.0)
      net-ssh (>= 2.6.5, < 7.0.0)
    net-ssh (6.1.0)
    nio4r (2.5.8)
    nokogiri (1.13.6-x86_64-linux)
      racc (~> 1.4)
    oauth2 (1.4.9)
      faraday (>= 0.17.3, < 3.0)
      jwt (>= 1.0, < 3.0)
      multi_json (~> 1.3)
      multi_xml (~> 0.5)
      rack (>= 1.2, < 3)
    omniauth (2.0.4)
      hashie (>= 3.4.6)
      rack (>= 1.6.2, < 3)
      rack-protection
    omniauth-keycloak (1.4.1)
      json-jwt (~> 1.13.0)
      omniauth (~> 2.0.4)
      omniauth-oauth2 (~> 1.7.1)
    omniauth-oauth2 (1.7.2)
      oauth2 (~> 1.4)
      omniauth (>= 1.9, < 3)
    omniauth-rails_csrf_protection (1.0.1)
      actionpack (>= 4.2)
      omniauth (~> 2.0)
    open-uri (0.2.0)
      stringio
      time
      uri
    orm_adapter (0.5.0)
    parallel (1.22.1)
    parser (3.1.2.0)
      ast (~> 2.4.1)
    pg (1.3.5)
    pg_search (2.3.6)
      activerecord (>= 5.2)
      activesupport (>= 5.2)
    public_suffix (4.0.7)
    puma (5.6.4)
      nio4r (~> 2.0)
    raabro (1.4.0)
    racc (1.6.0)
    rack (2.2.3.1)
    rack-protection (2.2.0)
      rack
    rack-test (1.1.0)
      rack (>= 1.0, < 3)
    rails (5.2.4)
      actioncable (= 5.2.4)
      actionmailer (= 5.2.4)
      actionpack (= 5.2.4)
      actionview (= 5.2.4)
      activejob (= 5.2.4)
      activemodel (= 5.2.4)
      activerecord (= 5.2.4)
      activestorage (= 5.2.4)
      activesupport (= 5.2.4)
      bundler (>= 1.3.0)
      railties (= 5.2.4)
      sprockets-rails (>= 2.0.0)
    rails-controller-testing (1.0.5)
      actionpack (>= 5.0.1.rc1)
      actionview (>= 5.0.1.rc1)
      activesupport (>= 5.0.1.rc1)
    rails-dom-testing (2.0.3)
      activesupport (>= 4.2.0)
      nokogiri (>= 1.6)
    rails-html-sanitizer (1.4.2)
      loofah (~> 2.3)
    railties (5.2.4)
      actionpack (= 5.2.4)
      activesupport (= 5.2.4)
      method_source
      rake (>= 0.8.7)
      thor (>= 0.19.0, < 2.0)
    rainbow (3.1.1)
    rake (13.0.6)
    rb-fsevent (0.11.1)
    rb-inotify (0.10.1)
      ffi (~> 1.0)
    rbtree (0.4.5)
    redcarpet (3.5.1)
    redis (4.6.0)
    regexp_parser (2.5.0)
    responders (3.0.1)
      actionpack (>= 5.0)
      railties (>= 5.0)
    reverse_markdown (2.1.1)
      nokogiri
    rexml (3.2.5)
    roo (2.9.0)
      nokogiri (~> 1)
      rubyzip (>= 1.3.0, < 3.0.0)
    rspec-core (3.11.0)
      rspec-support (~> 3.11.0)
    rspec-expectations (3.11.0)
      diff-lcs (>= 1.2.0, < 2.0)
      rspec-support (~> 3.11.0)
    rspec-mocks (3.11.1)
      diff-lcs (>= 1.2.0, < 2.0)
      rspec-support (~> 3.11.0)
    rspec-rails (4.1.2)
      actionpack (>= 4.2)
      activesupport (>= 4.2)
      railties (>= 4.2)
      rspec-core (~> 3.10)
      rspec-expectations (~> 3.10)
      rspec-mocks (~> 3.10)
      rspec-support (~> 3.10)
    rspec-support (3.11.0)
    rswag (2.5.1)
      rswag-api (= 2.5.1)
      rswag-specs (= 2.5.1)
      rswag-ui (= 2.5.1)
    rswag-api (2.5.1)
      railties (>= 3.1, < 7.1)
    rswag-specs (2.5.1)
      activesupport (>= 3.1, < 7.1)
      json-schema (~> 2.2)
      railties (>= 3.1, < 7.1)
    rswag-ui (2.5.1)
      actionpack (>= 3.1, < 7.1)
      railties (>= 3.1, < 7.1)
    rubocop (1.30.0)
      parallel (~> 1.10)
      parser (>= 3.1.0.0)
      rainbow (>= 2.2.2, < 4.0)
      regexp_parser (>= 1.8, < 3.0)
      rexml (>= 3.2.5, < 4.0)
      rubocop-ast (>= 1.18.0, < 2.0)
      ruby-progressbar (~> 1.7)
      unicode-display_width (>= 1.4.0, < 3.0)
    rubocop-ast (1.18.0)
      parser (>= 3.1.1.0)
    ruby-graphviz (1.2.5)
      rexml
    ruby-progressbar (1.11.0)
    ruby2_keywords (0.0.5)
    rubyzip (2.3.2)
    sassc (2.4.0)
      ffi (~> 1.9)
    sassc-rails (2.1.2)
      railties (>= 4.0.0)
      sassc (>= 2.0)
      sprockets (> 3.0)
      sprockets-rails
      tilt
    selenium-webdriver (3.142.7)
      childprocess (>= 0.5, < 4.0)
      rubyzip (>= 1.2.2)
    set (1.0.2)
    shoulda-matchers (5.1.0)
      activesupport (>= 5.2.0)
    sidekiq (6.4.2)
      connection_pool (>= 2.2.2)
      rack (~> 2.0)
      redis (>= 4.2.0)
    sidekiq-cron (1.4.0)
      fugit (~> 1)
      sidekiq (>= 4.2.1)
    simpleidn (0.2.1)
      unf (~> 0.1.4)
    solargraph (0.45.0)
      backport (~> 1.2)
      benchmark
      bundler (>= 1.17.2)
      diff-lcs (~> 1.4)
      e2mmap
      jaro_winkler (~> 1.5)
      kramdown (~> 2.3)
      kramdown-parser-gfm (~> 1.1)
      parser (~> 3.0)
      reverse_markdown (>= 1.0.5, < 3)
      rubocop (>= 0.52)
      thor (~> 1.0)
      tilt (~> 2.0)
      yard (~> 0.9, >= 0.9.24)
    sorted_set (1.0.3)
      rbtree
      set (~> 1.0)
    spring (2.1.1)
    spring-watcher-listen (2.0.1)
      listen (>= 2.7, < 4.0)
      spring (>= 1.2, < 3.0)
    sprockets (4.0.3)
      concurrent-ruby (~> 1.0)
      rack (> 1, < 3)
    sprockets-rails (3.4.2)
      actionpack (>= 5.2)
      activesupport (>= 5.2)
      sprockets (>= 3.0.0)
    sql_query (0.7.2)
      activerecord (>= 3.2, <= 7.0)
    stringio (3.0.2)
    thor (1.2.1)
    thread_safe (0.3.6)
    tilt (2.0.10)
    time (0.2.0)
      date
    turbolinks (5.2.1)
      turbolinks-source (~> 5.2)
    turbolinks-source (5.2.0)
    tzinfo (1.2.9)
      thread_safe (~> 0.1)
    tzinfo-data (1.2022.1)
      tzinfo (>= 1.0.0)
    uglifier (4.2.0)
      execjs (>= 0.3.0, < 3)
    unf (0.1.4)
      unf_ext
    unf_ext (0.0.8.2)
    unicode-display_width (2.1.0)
    uri (0.11.0)
    warden (1.2.9)
      rack (>= 2.0.9)
    webrick (1.7.0)
    websocket-driver (0.7.5)
      websocket-extensions (>= 0.1.0)
    websocket-extensions (0.1.5)
    will_paginate (3.3.1)
    workflow (2.0.2)
    workflow-activerecord (4.1.9)
      activerecord (>= 3.0)
      workflow (~> 2.0)
    write_xlsx (1.09.2)
      rubyzip (>= 1.0.0)
      zip-zip
    xpath (3.2.0)
      nokogiri (~> 1.8)
    yard (0.9.27)
      webrick (~> 1.7.0)
    zip-zip (0.3)
      rubyzip (>= 1.0.0)

PLATFORMS
  x86_64-linux

DEPENDENCIES
  annotate
  audited (~> 4.9)
  awesome_print
  bcrypt (~> 3.1)
  bootstrap-sass
  bunny (>= 2.9.2)
  byebug
  cancancan (~> 3.0)
  capybara (~> 3.15)
  coffee-rails (~> 5.0)
  d3-rails (~> 5.9.2)
  database_cleaner-active_record
  deep_cloneable (~> 3.0)
  devise
  devise-security
  email_address
  factory_bot_rails (~> 6.0)
  faker
  faraday
  jbuilder (~> 2.6)
  jquery-datatables
  jquery-rails
  jquery-turbolinks
  js_cookie_rails
  listen (~> 3.0)
  multi_logger
  nested_form_fields
  net-scp
  net-ssh
  omniauth-keycloak
  omniauth-rails_csrf_protection
  open-uri
  pg
  pg_search
  puma (~> 5.0)
  rails (= 5.2.4)
  rails-controller-testing
  redcarpet (~> 3.5)
  roo
  rspec-rails (~> 4.0)
  rswag
  rswag-specs
  rubocop
  ruby-graphviz
  sassc-rails
  selenium-webdriver (~> 3.140)
  shoulda-matchers
  sidekiq (>= 6.4.0)
  sidekiq-cron
  solargraph
  spring (~> 2.0)
  spring-watcher-listen (~> 2.0)
  sql_query
  turbolinks (~> 5.2)
  tzinfo-data
  uglifier (~> 4.0)
  will_paginate (~> 3.1)
  workflow-activerecord (>= 4.1, < 6.0)
  write_xlsx
  write_xlsx_rails!

BUNDLED WITH
   2.2.33
